GEM
  remote: https://rubygems.org/
  specs:
    builder (3.2.2)
    jwt (1.5.0)
    multi_json (1.11.0)
    rack (1.6.1)
    sinatra (1.1.0)
      rack (~> 1.1)
      tilt (~> 1.1)
    tilt (1.4.1)

PLATFORMS
  ruby

DEPENDENCIES
  sinatra

